GEM
  remote: https://rubygems.org/
  specs:
    geo2d (0.1.3)
    graphics (1.0.1)

PLATFORMS
  ruby

DEPENDENCIES
  geo2d
  graphics (>= 1.0.1)

BUNDLED WITH
   2.1.2
